##TITLE= Parameter file, TOPSPIN		Version 3.1PV
##JCAMPDX= 5.0
##DATATYPE= Parameter Values
##NPOINTS= 1181	$$ modification sequence number
##ORIGIN= Bruker BioSpin GmbH
##OWNER= uhei
$$ 2019-12-10 11:42:25.644 -0300  nmrsu@czc6437k1v
$$ /opt/PV6.0.1/conf/instr/spect/specpar
$$ process /opt/PV6.0.1/prog/mod/cprserver
##$HPPRECH= (0..15)
-1 -1 -1 -1 -1 -1 -1 -1 -1 -1 -1 -1 -1 -1 -1 -1
##$NUC1= 1
##$NUC2= 0
##$NUC3= 0
##$NUC4= 0
##$NUC5= 0
##$NUC6= 0
##$NUC7= 0
##$NUC8= 0
##$NUCARR= (0..123)
400.14 400.14 61.423926 426.805226 304.824399 58.884947 155.509597 56.226925
42.989673 128.380814 100.615283 28.905653 40.545834 54.244807 376.507776
31.588236 105.844633 24.49511 104.263916 79.496562 161.979641 30.714746
39.205353 32.634318 18.672025 10.248806 26.929538 97.200996 22.558029 22.564043
39.895194 105.248616 22.617897 99.191577 12.955645 94.941514 35.756714
106.099014 113.654537 25.035972 96.039018 122.029511 13.958144 68.514428
76.312752 20.878193 100.250996 108.063881 15.395787 38.633289 130.927625
17.341355 19.607652 37.198207 97.938947 26.076828 26.624095 90.064816 18.427051
20.652702 12.750249 18.310807 16.196943 18.620647 84.891622 88.80377 87.493632
87.681194 130.920802 142.578921 149.214735 95.755811 51.855011 104.715606
126.243246 80.057954 111.279678 32.987225 52.482931 39.751736 44.46727
52.795672 56.52234 122.522868 21.80763 13.444704 16.685838 13.764816 99.474804
43.935372 12.284298 16.125642 96.193656 13.764816 19.286748 85.389876 11.524032
33.171606 70.021723 19.290749 45.631966 32.535383 16.03361 10.071524 47.975185
16.671381 90.129934 91.038252 9.132519 31.072472 6.874405 7.486619 86.017231
6.918421 71.668363 26.455588 228.572772 230.816109 83.711685 64.299649
7.368178 100 100 100
##$OFFSF= (0..7)
0 0 0 0 0 0 0 0
##$OFFSH= (0..7)
1332.60000001201 0 0 0 0 0 0 0
##$OFFSX= (0..7)
0 0 0 0 0 0 0 0
##$PRECHAN= (0..15)
-1 3 -1 0 -1 4 1 -1 2 -1 -1 -1 -1 -1 -1 -1
##$RECPRE= (0..15)
-1 0 -1 -1 -1 -1 -1 -1 -1 -1 -1 -1 -1 -1 -1 -1
##$RECSEL= (0..15)
0 0 1 0 0 0 0 0 0 0 0 0 0 0 0 0
##$SELREC= (0..9)
0 0 0 0 0 0 0 0 0 0
##$SFO1= 400.141333
##$SFO2= 400.14
##$SFO3= 400.142471
##$SFO4= 400.142471
##$SFO5= 400.142471
##$SFO6= 400.142471
##$SFO7= 400.142471
##$SFO8= 400.142471
##END=
